GEM
  remote: https://rubygems.org/
  specs:
    coderay (1.1.1)
    etna (0.1.3)
      extlib
      jwt
      rack
    extlib (0.9.16)
    jwt (2.1.0)
    method_source (0.9.0)
    pry (0.11.3)
      coderay (~> 1.1.0)
      method_source (~> 0.9.0)
    puma (3.12.0)
    rack (2.0.1)
    redis (4.0.2)

PLATFORMS
  ruby

DEPENDENCIES
  etna
  extlib
  pry
  puma
  redis

BUNDLED WITH
   1.14.4
